GEM
  remote: https://rubygems.org/
  specs:
    base64 (0.2.0)
    bcp47_spec (0.2.1)
    bigdecimal (3.1.5)
    ebnf (2.5.0)
      htmlentities (~> 4.3)
      rdf (~> 3.3)
      scanf (~> 1.0)
      sxp (~> 2.0)
      unicode-types (~> 1.8)
    htmlentities (4.3.4)
    json-canonicalization (1.0.0)
    json-ld (3.3.1)
      htmlentities (~> 4.3)
      json-canonicalization (~> 1.0)
      link_header (~> 0.0, >= 0.0.8)
      multi_json (~> 1.15)
      rack (>= 2.2, < 4)
      rdf (~> 3.3)
    link_header (0.0.8)
    matrix (0.4.2)
    multi_json (1.15.0)
    rack (3.0.11)
    rake (13.1.0)
    rdf (3.3.1)
      bcp47_spec (~> 0.2)
      link_header (~> 0.0, >= 0.0.8)
    rdf-json (3.3.0)
      rdf (~> 3.3)
    rdf-trix (3.3.0)
      rdf (~> 3.3)
      rdf-xsd (~> 3.3)
    rdf-turtle (3.3.1)
      base64 (~> 0.2)
      bigdecimal (~> 3.1, >= 3.1.5)
      ebnf (~> 2.5)
      rdf (~> 3.3)
    rdf-xsd (3.3.0)
      rdf (~> 3.3)
      rexml (~> 3.2)
    rexml (3.2.9)
      strscan
    scanf (1.0.0)
    strscan (3.1.0)
    sxp (2.0.0)
      matrix (~> 0.4)
      rdf (~> 3.3)
    unicode-types (1.9.0)

PLATFORMS
  arm64-darwin-23
  ruby

DEPENDENCIES
  json-ld
  rake
  rdf
  rdf-json
  rdf-trix
  rdf-turtle

BUNDLED WITH
   2.5.11
